GEM
  remote: https://rubygems.org/
  specs:
    bourbon (4.0.2)
      sass (~> 3.3)
      thor
    jeet (6.1.2)
      sass (~> 3.2)
    sass (3.4.5)
    thor (0.19.1)

PLATFORMS
  ruby

DEPENDENCIES
  bourbon
  jeet
  sass (= 3.4.5)
